GEM
  remote: https://rubygems.org/
  specs:
    coderay (1.1.0)
    method_source (0.8.2)
    pry (0.9.12.6)
      coderay (~> 1.0)
      method_source (~> 0.8)
      slop (~> 3.4)
    pry-nav (0.2.4)
      pry (>= 0.9.10, < 0.11.0)
    slop (3.6.0)

PLATFORMS
  ruby

DEPENDENCIES
  pry (~> 0.9.12.6)
  pry-nav (~> 0.2.3)
